GEM
  remote: https://rubygems.org/
  specs:
    awesome_print (1.8.0)
    byebug (11.1.3)
    diff-lcs (1.4.4)
    domain_name (0.5.20190701)
      unf (>= 0.0.5, < 1.0.0)
    dotenv (2.7.6)
    filelock (1.1.1)
    find_a_port (1.0.1)
    http-accept (1.7.0)
    http-cookie (1.0.3)
      domain_name (~> 0.5)
    json (2.3.1)
    mime-types (3.3.1)
      mime-types-data (~> 3.2015)
    mime-types-data (3.2020.0512)
    multi_json (1.15.0)
    mustermann (1.1.1)
      ruby2_keywords (~> 0.0.1)
    netrc (0.11.0)
    pact (1.52.0)
      pact-mock_service (~> 3.0, >= 3.3.1)
      pact-support (~> 1.9)
      rack-test (>= 0.6.3, < 2.0.0)
      rspec (~> 3.0)
      term-ansicolor (~> 1.0)
      thor (>= 0.20, < 2.0)
      webrick (~> 1.3)
    pact-mock_service (3.6.2)
      filelock (~> 1.1)
      find_a_port (~> 1.0.1)
      json
      pact-support (~> 1.12, >= 1.12.0)
      rack (~> 2.0)
      rspec (>= 2.14)
      term-ansicolor (~> 1.0)
      thor (>= 0.19, < 2.0)
      webrick (~> 1.3)
    pact-support (1.15.1)
      awesome_print (~> 1.1)
      randexp (~> 0.1.7)
      rspec (>= 2.14)
      term-ansicolor (~> 1.0)
    rack (2.2.6.3)
    rack-protection (2.1.0)
      rack
    rack-test (1.1.0)
      rack (>= 1.0, < 3)
    rake (13.0.1)
    randexp (0.1.7)
    rest-client (2.1.0)
      http-accept (>= 1.7.0, < 2.0)
      http-cookie (>= 1.0.2, < 2.0)
      mime-types (>= 1.16, < 4.0)
      netrc (~> 0.8)
    rspec (3.9.0)
      rspec-core (~> 3.9.0)
      rspec-expectations (~> 3.9.0)
      rspec-mocks (~> 3.9.0)
    rspec-core (3.9.2)
      rspec-support (~> 3.9.3)
    rspec-expectations (3.9.2)
      diff-lcs (>= 1.2.0, < 2.0)
      rspec-support (~> 3.9.0)
    rspec-mocks (3.9.1)
      diff-lcs (>= 1.2.0, < 2.0)
      rspec-support (~> 3.9.0)
    rspec-support (3.9.3)
    ruby2_keywords (0.0.2)
    sinatra (2.1.0)
      mustermann (~> 1.0)
      rack (~> 2.2)
      rack-protection (= 2.1.0)
      tilt (~> 2.0)
    sinatra-contrib (2.1.0)
      multi_json
      mustermann (~> 1.0)
      rack-protection (= 2.1.0)
      sinatra (= 2.1.0)
      tilt (~> 2.0)
    sync (0.5.0)
    term-ansicolor (1.7.1)
      tins (~> 1.0)
    thor (1.0.1)
    tilt (2.0.10)
    tins (1.25.0)
      sync
    unf (0.1.4)
      unf_ext
    unf_ext (0.0.7.7)
    webrick (1.6.0)

PLATFORMS
  ruby

DEPENDENCIES
  byebug
  dotenv
  pact
  rack-test
  rake
  rest-client
  rspec
  sinatra
  sinatra-contrib

RUBY VERSION
   ruby 2.7.1p83

BUNDLED WITH
   2.1.4
